PATH
  remote: .
  specs:
    illegal_class_cop (0.1.0)
      parser (~> 2.5, >= 2.5.0.3)

GEM
  remote: https://rubygems.org/
  specs:
    ast (2.4.0)
    parser (2.5.1.2)
      ast (~> 2.4.0)
    rake (12.3.3)

PLATFORMS
  ruby

DEPENDENCIES
  illegal_class_cop!
  rake (~> 12.0)

BUNDLED WITH
   2.0.2
